GEM
  remote: https://rubygems.org/
  specs:
    mini_portile (0.7.0.rc4)

PLATFORMS
  ruby

DEPENDENCIES
  mini_portile (= 0.7.0.rc4)

BUNDLED WITH
   1.10.6
